GIT
  remote: git://github.com/sinatra/sinatra.git
  revision: ff6bbfe7d934455e74e758c134b5f0eece369760
  specs:
    sinatra (1.4.2)
      rack (~> 1.4)
      rack-protection (~> 1.4)
      tilt (~> 1.3, >= 1.3.4)

GIT
  remote: git://github.com/travis-ci/travis-sso.git
  revision: 7d5bc6ee2e7336c973734ec28f60e099fb98fda1
  specs:
    travis-sso (0.0.1)
      multi_json
      rack

GEM
  remote: http://rubygems.org/
  specs:
    coffee-script (2.2.0)
      coffee-script-source
      execjs
    coffee-script-source (1.6.2)
    daemons (1.1.9)
    eventmachine (1.0.3)
    execjs (1.4.0)
      multi_json (~> 1.0)
    multi_json (1.7.4)
    rack (1.6.11)
    rack-protection (1.5.0)
      rack
    rack-ssl (1.3.3)
      rack
    rake (10.0.4)
    rinku (1.7.3)
    sass (3.2.9)
    slim (1.3.9)
      temple (~> 0.6.3)
      tilt (~> 1.3, >= 1.3.3)
    temple (0.6.5)
    thin (1.5.1)
      daemons (>= 1.0.9)
      eventmachine (>= 0.12.6)
      rack (>= 1.0.0)
    tilt (1.4.1)

PLATFORMS
  ruby

DEPENDENCIES
  coffee-script
  rack-ssl
  rake
  rinku
  sass
  sinatra!
  slim
  thin
  travis-sso!
